GIT
  remote: git://github.com/intridea/omniauth.git
  revision: 567383cc2b26ec1c07de8998ff03e79b891357c2
  tag: v0.2.0.beta5
  specs:
    oa-basic (0.2.0.beta5)
      multi_json (~> 0.0.2)
      nokogiri (~> 1.4.2)
      oa-core (= 0.2.0.beta5)
      rest-client (~> 1.6.0)
    oa-core (0.2.0.beta5)
      rack (~> 1.1)
    oa-enterprise (0.2.0.beta5)
      net-ldap (~> 0.1.1)
      nokogiri (~> 1.4.2)
      oa-core (= 0.2.0.beta5)
      pyu-ruby-sasl (~> 0.0.3.1)
      rubyntlm (~> 0.1.1)
    oa-more (0.2.0.beta5)
      multi_json (~> 0.0.2)
      oa-core (= 0.2.0.beta5)
      rest-client (~> 1.6.0)
    oa-oauth (0.2.0.beta5)
      multi_json (~> 0.0.2)
      nokogiri (~> 1.4.2)
      oa-core (= 0.2.0.beta5)
      oauth (~> 0.4.0)
      oauth2 (~> 0.1.1)
    oa-openid (0.2.0.beta5)
      oa-core (= 0.2.0.beta5)
      rack-openid (~> 1.2.0)
      ruby-openid-apps-discovery
    omniauth (0.2.0.beta5)
      oa-basic (= 0.2.0.beta5)
      oa-core (= 0.2.0.beta5)
      oa-enterprise (= 0.2.0.beta5)
      oa-more (= 0.2.0.beta5)
      oa-oauth (= 0.2.0.beta5)
      oa-openid (= 0.2.0.beta5)

GIT
  remote: git://github.com/odorcicd/authlogic.git
  revision: a087ad0cba3c165ba22fcf176c28b6f7517931e8
  branch: rails3
  specs:
    authlogic (2.1.3)
      activesupport

GEM
  remote: http://rubygems.org/
  specs:
    abstract (1.0.0)
    actionmailer (3.0.1)
      actionpack (= 3.0.1)
      mail (~> 2.2.5)
    actionpack (3.0.1)
      activemodel (= 3.0.1)
      activesupport (= 3.0.1)
      builder (~> 2.1.2)
      erubis (~> 2.6.6)
      i18n (~> 0.4.1)
      rack (~> 1.2.1)
      rack-mount (~> 0.6.12)
      rack-test (~> 0.5.4)
      tzinfo (~> 0.3.23)
    activemodel (3.0.1)
      activesupport (= 3.0.1)
      builder (~> 2.1.2)
      i18n (~> 0.4.1)
    activerecord (3.0.1)
      activemodel (= 3.0.1)
      activesupport (= 3.0.1)
      arel (~> 1.0.0)
      tzinfo (~> 0.3.23)
    activeresource (3.0.1)
      activemodel (= 3.0.1)
      activesupport (= 3.0.1)
    activesupport (3.0.1)
    addressable (2.2.5)
    arel (1.0.1)
      activesupport (~> 3.0.0)
    builder (2.1.2)
    carmen (0.2.5)
    diff-lcs (1.1.2)
    erubis (2.6.6)
      abstract (>= 1.0.0)
    factory_girl (1.3.3)
    factory_girl_rails (1.0.1)
      factory_girl (~> 1.3)
      railties (>= 3.0.0)
    faraday (0.5.7)
      addressable (~> 2.2.4)
      multipart-post (~> 1.1.0)
      rack (>= 1.1.0, < 2)
    faraday_middleware (0.3.2)
      faraday (~> 0.5.4)
    gravtastic (3.1.0)
    haml (3.0.25)
    haml-edge (3.1.79)
    hashie (1.0.0)
    i18n (0.4.2)
    json (1.4.6)
    koala (0.10.0)
      json (>= 1.0)
    mail (2.2.15)
      activesupport (>= 2.3.6)
      i18n (>= 0.4.0)
      mime-types (~> 1.16)
      treetop (~> 1.4.8)
    mime-types (1.16)
    mini_magick (3.2)
      subexec (~> 0.0.4)
    multi_json (0.0.5)
    multi_xml (0.2.2)
    multipart-post (1.1.0)
    mysql2 (0.2.6)
    net-ldap (0.1.1)
    nokogiri (1.4.4)
    oauth (0.4.4)
    oauth2 (0.1.1)
      faraday (~> 0.5.0)
      multi_json (~> 0.0.4)
    polyglot (0.3.1)
    pyu-ruby-sasl (0.0.3.2)
    rack (1.2.1)
    rack-mount (0.6.13)
      rack (>= 1.0.0)
    rack-openid (1.2.0)
      rack (>= 1.1.0)
      ruby-openid (>= 2.1.8)
    rack-test (0.5.7)
      rack (>= 1.0)
    rails (3.0.1)
      actionmailer (= 3.0.1)
      actionpack (= 3.0.1)
      activerecord (= 3.0.1)
      activeresource (= 3.0.1)
      activesupport (= 3.0.1)
      bundler (~> 1.0.0)
      railties (= 3.0.1)
    railties (3.0.1)
      actionpack (= 3.0.1)
      activesupport (= 3.0.1)
      rake (>= 0.8.4)
      thor (~> 0.14.0)
    rake (0.8.7)
    rdiscount (1.6.8)
    rest-client (1.6.1)
      mime-types (>= 1.16)
    rspec (2.5.0)
      rspec-core (~> 2.5.0)
      rspec-expectations (~> 2.5.0)
      rspec-mocks (~> 2.5.0)
    rspec-core (2.5.1)
    rspec-expectations (2.5.0)
      diff-lcs (~> 1.1.2)
    rspec-mocks (2.5.0)
    rspec-rails (2.5.0)
      actionpack (~> 3.0)
      activesupport (~> 3.0)
      railties (~> 3.0)
      rspec (~> 2.5.0)
    ruby-openid (2.1.8)
    ruby-openid-apps-discovery (1.2.0)
      ruby-openid (>= 2.1.7)
    rubyntlm (0.1.1)
    simple_oauth (0.1.4)
    subexec (0.0.4)
    thor (0.14.6)
    treetop (1.4.9)
      polyglot (>= 0.3.1)
    twitter (1.2.0)
      faraday (~> 0.5.4)
      faraday_middleware (~> 0.3.2)
      hashie (~> 1.0.0)
      multi_json (~> 0.0.5)
      multi_xml (~> 0.2.0)
      simple_oauth (~> 0.1.4)
    tzinfo (0.3.24)
    useragent (0.2.3)

PLATFORMS
  ruby

DEPENDENCIES
  authlogic!
  carmen
  factory_girl_rails
  gravtastic
  haml
  haml-edge
  koala
  mini_magick
  mysql2
  omniauth!
  rails (= 3.0.1)
  rdiscount
  rspec-rails (~> 2.4)
  twitter
  useragent
